GEM
  remote: http://rubygems.org/
  specs:
    aruba (0.2.1)
    builder (2.1.2)
    cucumber (0.9.0)
      builder (~> 2.1.2)
      diff-lcs (~> 1.1.2)
      gherkin (~> 2.2.0)
      json_pure (~> 1.4.6)
      term-ansicolor (~> 1.0.5)
    diff-lcs (1.1.2)
    gemcutter (0.6.1)
    gherkin (2.2.0)
      trollop (~> 1.16.2)
    git (1.2.5)
    jeweler (1.4.0)
      gemcutter (>= 0.1.0)
      git (>= 1.2.5)
      rubyforge (>= 2.0.0)
    json_pure (1.4.6)
    nokogiri (1.4.3.1)
    rake (0.8.7)
    rcov (0.9.8)
    rspec (2.0.0.beta.20)
      rspec-core (= 2.0.0.beta.20)
      rspec-expectations (= 2.0.0.beta.20)
      rspec-mocks (= 2.0.0.beta.20)
    rspec-core (2.0.0.beta.20)
    rspec-expectations (2.0.0.beta.20)
      diff-lcs (>= 1.1.2)
    rspec-mocks (2.0.0.beta.20)
    rubyforge (2.0.4)
      json_pure (>= 1.1.7)
    term-ansicolor (1.0.5)
    trollop (1.16.2)

PLATFORMS
  ruby

DEPENDENCIES
  aruba (~> 0.2.1)
  cucumber (~> 0.9.0)
  jeweler (~> 1.4.0)
  nokogiri (> 1.4.3)
  rake (~> 0.8.7)
  rcov (~> 0.9.8)
  rspec (~> 2.0.0.beta.20)
